PATH
  remote: .
  specs:
    easy_meli (0.6.11)
      httparty (~> 0.21)
      rexml (~> 3.2.5)

GEM
  remote: https://rubygems.org/
  specs:
    addressable (2.8.0)
      public_suffix (>= 2.0.2, < 5.0)
    coderay (1.1.2)
    crack (0.4.3)
      safe_yaml (~> 1.0.0)
    hashdiff (1.0.1)
    httparty (0.21.0)
      mini_mime (>= 1.0.0)
      multi_xml (>= 0.5.2)
    method_source (1.0.0)
    mini_mime (1.1.2)
    minitest (5.18.1)
    mocha (1.11.2)
    multi_xml (0.6.0)
    pry (0.13.1)
      coderay (~> 1.1)
      method_source (~> 1.0)
    public_suffix (4.0.6)
    rake (13.0.1)
    rexml (3.2.8)
      strscan (>= 3.0.9)
    safe_yaml (1.0.5)
    strscan (3.1.0)
    webmock (3.8.3)
      addressable (>= 2.3.6)
      crack (>= 0.3.2)
      hashdiff (>= 0.4.0, < 2.0.0)

PLATFORMS
  ruby

DEPENDENCIES
  bundler (~> 2.3.6)
  easy_meli!
  minitest (~> 5.18)
  mocha
  pry
  rake (~> 13.0)
  webmock

BUNDLED WITH
   2.3.6
